GEM
  remote: https://rubygems.org/
  specs:
    minitest (5.25.5)

PLATFORMS
  arm64-darwin-23
  ruby

DEPENDENCIES
  minitest (~> 5.0)

RUBY VERSION
   ruby 3.2.1p31

BUNDLED WITH
   2.5.18
